GEM
  remote: http://rubygems.org/
  specs:
    rack (2.0.1)
    shotgun (0.9.2)
      rack (>= 1.0)

PLATFORMS
  ruby

DEPENDENCIES
  rack
  shotgun

BUNDLED WITH
   1.13.7
