GEM
  remote: http://rubygems.org/
  specs:
    rack (2.0.1)
    rack-contrib (1.2.0)
      rack (>= 0.9.1)
    shotgun (0.9.2)
      rack (>= 1.0)

PLATFORMS
  ruby

DEPENDENCIES
  rack-contrib
  shotgun

BUNDLED WITH
   1.13.7
