GEM
  remote: https://rubygems.org/
  specs:
    activemodel (6.0.3.1)
      activesupport (= 6.0.3.1)
    activerecord (6.0.3.1)
      activemodel (= 6.0.3.1)
      activesupport (= 6.0.3.1)
    activesupport (6.0.3.1)
      concurrent-ruby (~> 1.0, >= 1.0.2)
      i18n (>= 0.7, < 2)
      minitest (~> 5.1)
      tzinfo (~> 1.1)
      zeitwerk (~> 2.2, >= 2.2.2)
    concurrent-ruby (1.1.6)
    i18n (1.8.2)
      concurrent-ruby (~> 1.0)
    minitest (5.14.1)
    rack (2.0.5)
    rack-contrib (2.0.1)
      rack (~> 2.0)
    rack-mini-profiler (1.0.0)
      rack (>= 1.2.0)
    shotgun (0.9.2)
      rack (>= 1.0)
    sqlite3 (1.3.13)
    thread_safe (0.3.6)
    tzinfo (1.2.7)
      thread_safe (~> 0.1)
    zeitwerk (2.3.0)

PLATFORMS
  ruby

DEPENDENCIES
  activerecord
  activesupport
  rack-contrib
  rack-mini-profiler
  shotgun
  sqlite3

BUNDLED WITH
   1.15.2
