GEM
  remote: http://rubygems.org/
  specs:
    rack (2.0.1)
    rake (11.3.0)

PLATFORMS
  ruby

DEPENDENCIES
  rack
  rake

BUNDLED WITH
   1.12.5
